GEM
  remote: https://rubygems.org/
  specs:
    cairo (1.17.5)
      native-package-installer (>= 1.0.3)
      pkg-config (>= 1.2.2)
      red-colors
    cairo-gobject (3.4.4)
      cairo (>= 1.16.2)
      glib2 (= 3.4.4)
    classy_hash (0.2.1)
    game_icons (0.44.0.20201130)
    gdk_pixbuf2 (3.4.4)
      gio2 (= 3.4.4)
    gio2 (3.4.4)
      gobject-introspection (= 3.4.4)
    glib2 (3.4.4)
      native-package-installer (>= 1.0.3)
      pkg-config (>= 1.3.5)
    gobject-introspection (3.4.4)
      glib2 (= 3.4.4)
    highline (2.0.3)
    matrix (0.4.2)
    mercenary (0.4.0)
    native-package-installer (1.1.1)
    nokogiri (1.11.7-x64-mingw32)
      racc (~> 1.4)
    pango (3.4.4)
      cairo-gobject (= 3.4.4)
      gobject-introspection (= 3.4.4)
    pkg-config (1.4.6)
    racc (1.5.2)
    rainbow (3.0.0)
    red-colors (0.3.0)
      matrix
    roo (2.8.3)
      nokogiri (~> 1)
      rubyzip (>= 1.3.0, < 3.0.0)
    rsvg2 (3.4.4)
      cairo-gobject (= 3.4.4)
      gdk_pixbuf2 (= 3.4.4)
    ruby-progressbar (1.11.0)
    rubyzip (2.3.0)
    squib (0.16.0)
      cairo (~> 1.16)
      classy_hash (= 0.2.1)
      gio2 (~> 3.4)
      gobject-introspection (~> 3.4)
      highline (= 2.0.3)
      mercenary (= 0.4.0)
      nokogiri (~> 1.10)
      pango (~> 3.4)
      rainbow (~> 3.0)
      roo (~> 2.8)
      rsvg2 (~> 3.4)
      ruby-progressbar (~> 1.10)

PLATFORMS
  x64-mingw32

DEPENDENCIES
  game_icons
  squib

BUNDLED WITH
   2.2.15
